GEM
  remote: http://rubygems.org/
  specs:
    addressable (2.2.4)
    dalli (1.0.2)
    faraday (0.5.4)
      addressable (~> 2.2.2)
      multipart-post (~> 1.1.0)
      rack (>= 1.1.0, < 2)
    faraday_middleware (0.3.1)
      faraday (~> 0.5.3)
    haml (3.0.25)
    hashie (1.0.0)
    instagram (0.6)
      faraday (~> 0.5.4)
      faraday_middleware (~> 0.3.1)
      hashie (~> 1.0.0)
      multi_json (~> 0.0.5)
    multi_json (0.0.5)
    multipart-post (1.1.0)
    rack (1.2.1)
    sinatra (1.1.2)
      rack (~> 1.1)
      tilt (~> 1.2)
    tilt (1.2.2)
    yajl-ruby (0.7.8)

PLATFORMS
  ruby

DEPENDENCIES
  dalli
  haml
  instagram
  sinatra
  yajl-ruby
